GIT
  remote: git://github.com/phoffer/garmin_connect.git
  revision: 564fe54e9cc443c4f72de7c60b9b7431b8f082c1
  specs:
    garmin_connect (0.0.1)

GEM
  remote: http://rubygems.org/
  specs:
    activemodel (3.2.17)
      activesupport (= 3.2.17)
      builder (~> 3.0.0)
    activesupport (3.2.17)
      i18n (~> 0.6, >= 0.6.4)
      multi_json (~> 1.0)
    backports (3.6.0)
    builder (3.0.4)
    haml (4.0.5)
      tilt
    haversine (0.3.0)
    i18n (0.6.9)
    mongoid (3.1.6)
      activemodel (~> 3.2)
      moped (~> 1.4)
      origin (~> 1.0)
      tzinfo (~> 0.3.29)
    moped (1.5.2)
    multi_json (1.8.4)
    origin (1.1.0)
    rack (1.5.2)
    rack-protection (1.5.2)
      rack
    rack-test (0.6.2)
      rack (>= 1.0)
    sinatra (1.4.4)
      rack (~> 1.4)
      rack-protection (~> 1.4)
      tilt (~> 1.3, >= 1.3.4)
    sinatra-contrib (1.4.2)
      backports (>= 2.0)
      multi_json
      rack-protection
      rack-test
      sinatra (~> 1.4.0)
      tilt (~> 1.3)
    tilt (1.4.1)
    tzinfo (0.3.38)

PLATFORMS
  x86-mingw32

DEPENDENCIES
  garmin_connect!
  haml
  haversine
  mongoid
  newrelic_rpm
  sinatra
  sinatra-contrib
  thin
  unicorn
