GIT
  remote: git://github.com/phoffer/garmin_connect.git
  revision: f437422c756d430a3c2931255246bbaf7f9f9a11
  specs:
    garmin_connect (0.0.1)
      activesupport (>= 4.0.0)

GEM
  remote: http://rubygems.org/
  specs:
    activesupport (4.0.3)
      i18n (~> 0.6, >= 0.6.4)
      minitest (~> 4.2)
      multi_json (~> 1.3)
      thread_safe (~> 0.1)
      tzinfo (~> 0.3.37)
    atomic (1.1.14)
    backports (3.6.0)
    bson (1.9.2)
    daemons (1.1.9)
    durran-validatable (2.0.1)
    eventmachine (1.0.3-x86-mingw32)
    haml (4.0.5)
      tilt
    haversine (0.3.0)
    i18n (0.6.9)
    leshill-will_paginate (2.3.11)
    minitest (4.7.5)
    mongo (1.9.2)
      bson (~> 1.9.2)
    mongoid (1.0.6)
      activesupport (>= 2.2.2)
      durran-validatable (>= 2.0.1)
      leshill-will_paginate (>= 2.3.11)
      mongo (>= 0.18.2)
    multi_json (1.8.4)
    rack (1.5.2)
    rack-protection (1.5.2)
      rack
    rack-test (0.6.2)
      rack (>= 1.0)
    sinatra (1.4.4)
      rack (~> 1.4)
      rack-protection (~> 1.4)
      tilt (~> 1.3, >= 1.3.4)
    sinatra-contrib (1.4.2)
      backports (>= 2.0)
      multi_json
      rack-protection
      rack-test
      sinatra (~> 1.4.0)
      tilt (~> 1.3)
    thin (1.6.1)
      daemons (>= 1.0.9)
      eventmachine (>= 1.0.0)
      rack (>= 1.0.0)
    thread_safe (0.1.3)
      atomic
    tilt (1.4.1)
    tzinfo (0.3.38)

PLATFORMS
  x86-mingw32

DEPENDENCIES
  garmin_connect!
  haml
  haversine
  mongoid
  newrelic_rpm
  sinatra
  sinatra-contrib
  thin
  unicorn
